GIT
  remote: git@github.com:dmitriy-sokolyanskiy/exam.git
  revision: 345ca960f2c5eebbc2c9c3345c5ab1bf61167218
  specs:
    exam (0.1.0)

GEM
  remote: https://rubygems.org/
  specs:

PLATFORMS
  ruby

DEPENDENCIES
  exam!

BUNDLED WITH
   2.1.2
